GIT
  remote: https://github.com/fuji-nakahara/jekyll-theme-fuji.git
  revision: 457ca7588c6fefd514eaa02db69471a1d63bc050
  specs:
    jekyll-theme-fuji (0.1.0)
      jekyll (~> 3.8)
      jekyll-feed (~> 0.10)
      jekyll-octicons (~> 8.1)
      jekyll-seo-tag (~> 2.5)

GEM
  remote: https://rubygems.org/
  specs:
    activesupport (5.2.2)
      concurrent-ruby (~> 1.0, >= 1.0.2)
      i18n (>= 0.7, < 2)
      minitest (~> 5.1)
      tzinfo (~> 1.1)
    addressable (2.6.0)
      public_suffix (>= 2.0.2, < 4.0)
    childprocess (0.9.0)
      ffi (~> 1.0, >= 1.0.11)
    colorator (1.1.0)
    colorize (0.8.1)
    commonmarker (0.18.2)
      ruby-enum (~> 0.5)
    concurrent-ruby (1.1.4)
    em-websocket (0.5.1)
      eventmachine (>= 0.12.9)
      http_parser.rb (~> 0.6.0)
    ethon (0.12.0)
      ffi (>= 1.3.0)
    eventmachine (1.2.7)
    ffi (1.10.0)
    forwardable-extended (2.6.0)
    fuji_markdown (0.3.1)
      commonmarker (~> 0.17)
    gepub (1.0.2)
      nokogiri (>= 1.8.2, < 1.11)
      rubyzip (>= 1.1.1)
    html-proofer (3.10.2)
      activesupport (>= 4.2, < 6.0)
      addressable (~> 2.3)
      colorize (~> 0.8)
      mercenary (~> 0.3.2)
      nokogiri (~> 1.9)
      parallel (~> 1.3)
      typhoeus (~> 1.3)
      yell (~> 2.0)
    http_parser.rb (0.6.0)
    i18n (0.9.5)
      concurrent-ruby (~> 1.0)
    jekyll (3.8.5)
      addressable (~> 2.4)
      colorator (~> 1.0)
      em-websocket (~> 0.5)
      i18n (~> 0.7)
      jekyll-sass-converter (~> 1.0)
      jekyll-watch (~> 2.0)
      kramdown (~> 1.14)
      liquid (~> 4.0)
      mercenary (~> 0.3.3)
      pathutil (~> 0.9)
      rouge (>= 1.7, < 4)
      safe_yaml (~> 1.0)
    jekyll-build-ebook (0.3.1)
      gepub (~> 1.0)
      jekyll (~> 3.5)
      kindlegen (~> 3.0)
      nokogiri (~> 1.8)
    jekyll-deploy-shosetsu (0.3.0)
      jekyll (~> 3.5)
      jekyll-fuji_markdown (~> 0.3)
      kakuyomu_agent (~> 0.3)
      narou_agent (~> 0.2)
    jekyll-feed (0.11.0)
      jekyll (~> 3.3)
    jekyll-fuji_markdown (0.3.0)
      fuji_markdown (~> 0.3.0)
    jekyll-octicons (8.3.0)
      jekyll (~> 3.1)
      octicons (= 8.3.0)
    jekyll-sass-converter (1.5.2)
      sass (~> 3.4)
    jekyll-seo-tag (2.5.0)
      jekyll (~> 3.3)
    jekyll-watch (2.1.2)
      listen (~> 3.0)
    kakuyomu_agent (0.4.0)
      selenium-webdriver (~> 3.14)
    kindlegen (3.0.3)
      rake
      rubyzip
    kramdown (1.17.0)
    liquid (4.0.1)
    listen (3.1.5)
      rb-fsevent (~> 0.9, >= 0.9.4)
      rb-inotify (~> 0.9, >= 0.9.7)
      ruby_dep (~> 1.2)
    mercenary (0.3.6)
    mini_portile2 (2.4.0)
    minitest (5.11.3)
    narou_agent (0.3.0)
      selenium-webdriver (~> 3.0)
    nokogiri (1.10.1)
      mini_portile2 (~> 2.4.0)
    octicons (8.3.0)
      nokogiri (>= 1.6.3.1)
    parallel (1.13.0)
    pathutil (0.16.2)
      forwardable-extended (~> 2.6)
    public_suffix (3.0.3)
    rake (13.0.1)
    rb-fsevent (0.10.3)
    rb-inotify (0.10.0)
      ffi (~> 1.0)
    rouge (3.3.0)
    ruby-enum (0.7.2)
      i18n
    ruby_dep (1.5.0)
    rubyzip (1.2.2)
    safe_yaml (1.0.4)
    sass (3.7.3)
      sass-listen (~> 4.0.0)
    sass-listen (4.0.0)
      rb-fsevent (~> 0.9, >= 0.9.4)
      rb-inotify (~> 0.9, >= 0.9.7)
    selenium-webdriver (3.141.0)
      childprocess (~> 0.5)
      rubyzip (~> 1.2, >= 1.2.2)
    thread_safe (0.3.6)
    typhoeus (1.3.1)
      ethon (>= 0.9.0)
    tzinfo (1.2.5)
      thread_safe (~> 0.1)
    yell (2.0.7)

PLATFORMS
  ruby

DEPENDENCIES
  html-proofer
  jekyll (~> 3.8)
  jekyll-build-ebook
  jekyll-deploy-shosetsu
  jekyll-fuji_markdown
  jekyll-theme-fuji!

BUNDLED WITH
   1.17.2
